GEM
  remote: https://rubygems.org/
  specs:
    rack (2.1.4)
    rack-www (1.5.0)
      rack

PLATFORMS
  ruby

DEPENDENCIES
  rack (~> 2.1.4)
  rack-www (~> 1.5.0)
