GEM
  remote: https://rubygems.org/
  specs:
    rack (1.4.1)
    rack-www (1.5.0)
      rack

PLATFORMS
  ruby

DEPENDENCIES
  rack (~> 1.4.1)
  rack-www (~> 1.5.0)
